PATH
  remote: .
  specs:
    to_octopress (0.0.1)
      pg
      reverse_markdown
      rubyzip

GEM
  remote: https://rubygems.org/
  specs:
    mini_portile (0.6.2)
    nokogiri (1.6.6.2)
      mini_portile (~> 0.6.0)
    pg (0.18.1)
    rake (10.4.2)
    reverse_markdown (0.7.0)
      nokogiri
    rubyzip (1.1.7)

PLATFORMS
  ruby

DEPENDENCIES
  bundler (~> 1.5)
  rake
  to_octopress!
